GEM
  remote: https://rubygems.org/
  specs:
    aws-partitions (1.26.0)
    aws-sdk-core (3.6.0)
      aws-partitions (~> 1.0)
      aws-sigv4 (~> 1.0)
      jmespath (~> 1.0)
    aws-sdk-ec2 (1.13.0)
      aws-sdk-core (~> 3)
      aws-sigv4 (~> 1.0)
    aws-sigv4 (1.0.2)
    jmespath (1.3.1)
    net-ping (2.0.2)
    net-scp (1.2.1)
      net-ssh (>= 2.6.5)
    net-ssh (4.2.0)
    thor (0.19.1)

PLATFORMS
  ruby

DEPENDENCIES
  aws-sdk-ec2
  net-ping
  net-scp
  net-ssh
  thor

RUBY VERSION
   ruby 2.3.1p112

BUNDLED WITH
   1.13.7
